GEM
  remote: http://rubygems.org/
  specs:
    backport (1.2.0)
    rake (13.0.6)
    readapt (1.4.3)
      backport (~> 1.2)
      thor (~> 1.0)
    ruby-debug-ide (0.7.3)
      rake (>= 0.8.1)
    thor (1.2.1)

PLATFORMS
  x86_64-linux

DEPENDENCIES
  readapt
  ruby-debug-ide

BUNDLED WITH
   2.3.9
